GIT
  remote: git://github.com/Shopify/shopify_theme.git
  revision: 7de67bc3a042b4fe6b2d3ca8ee74c275ede3059a
  specs:
    shopify_theme (0.0.8)
      httparty (>= 0.8.0)
      json
      launchy
      listen (>= 1.0.3)
      thor (>= 0.14.4)

GEM
  specs:
    addressable (2.3.5)
    ffi (1.9.0)
    httparty (0.11.0)
      multi_json (~> 1.0)
      multi_xml (>= 0.5.2)
    json (1.8.0)
    launchy (2.3.0)
      addressable (~> 2.3)
    listen (1.2.2)
      rb-fsevent (>= 0.9.3)
      rb-inotify (>= 0.9)
      rb-kqueue (>= 0.2)
    multi_json (1.7.7)
    multi_xml (0.5.4)
    rb-fsevent (0.9.3)
    rb-inotify (0.9.0)
      ffi (>= 0.5.0)
    rb-kqueue (0.2.0)
      ffi (>= 0.5.0)
    thor (0.18.1)

PLATFORMS
  ruby

DEPENDENCIES
  shopify_theme!
